GEM
  remote: https://rubygems.org/
  specs:
    mini_portile2 (2.8.5)
    nokogiri (1.15.4)
      mini_portile2 (~> 2.8.2)
      racc (~> 1.4)
    racc (1.7.3)

PLATFORMS
  ruby
  x86_64-darwin-23

DEPENDENCIES
  nokogiri (= 1.15.4)

BUNDLED WITH
   2.5.6
